GEM
  remote: http://rubygems.org/
  specs:
    albino (1.3.3)
      posix-spawn (>= 0.3.6)
    chunky_png (1.2.6)
    classifier (1.3.3)
      fast-stemmer (>= 1.0.0)
    compass (0.12.2)
      chunky_png (~> 1.2)
      fssm (>= 0.2.7)
      sass (~> 3.1)
    directory_watcher (1.4.1)
    fast-stemmer (1.0.0)
    foreman (0.26.1)
      term-ansicolor (~> 1.0.5)
      thor (>= 0.13.6)
    fssm (0.2.9)
    haml (5.1.2)
      temple (>= 0.8.0)
      tilt
    jekyll (0.11.0)
      albino (>= 1.3.2)
      classifier (>= 1.3.1)
      directory_watcher (>= 1.1.1)
      kramdown (>= 0.13.2)
      liquid (>= 1.9.0)
      maruku (>= 0.5.9)
    keydown (0.9.2)
      compass
      haml
      rdiscount (>= 1.6.8)
      sass
      thor
      tilt
    kramdown (0.13.3)
    liquid (2.2.2)
    maruku (0.6.0)
      syntax (>= 1.0.0)
    posix-spawn (0.3.6)
    rb-fsevent (0.9.1)
    rdiscount (1.6.8)
    sass (3.2.1)
    stringex (1.3.0)
    syntax (1.0.0)
    temple (0.8.2)
    term-ansicolor (1.0.7)
    thor (0.16.0)
    tilt (1.3.3)

PLATFORMS
  ruby

DEPENDENCIES
  foreman
  jekyll
  keydown
  liquid (<= 2.2.2)
  rb-fsevent
  sass
  stringex
